GEM
  remote: https://rubygems.org/
  specs:
    htmlentities (4.3.4)

PLATFORMS
  x86_64-darwin-22

DEPENDENCIES
  htmlentities

RUBY VERSION
   ruby 3.2.0p0

BUNDLED WITH
   2.4.1
