GEM
  remote: https://rubygems.org/
  specs:
    htmlentities (4.3.4)

PLATFORMS
  ruby

DEPENDENCIES
  htmlentities

RUBY VERSION
   ruby 3.1.2p20

BUNDLED WITH
   1.17.3
